PATH
  remote: .
  specs:
    paper-trail-neo4j (0.0.1)
      activegraph
      activesupport (~> 6.0)
      rake (~> 13.0)
      request_store (~> 1.1)

GEM
  remote: https://rubygems.org/
  specs:
    activegraph (10.0.1)
      activemodel (>= 4.0)
      activesupport (>= 4.0)
      i18n (!= 1.3.0)
      orm_adapter (~> 0.5.0)
    activemodel (6.0.3.2)
      activesupport (= 6.0.3.2)
    activesupport (6.0.3.2)
      concurrent-ruby (~> 1.0, >= 1.0.2)
      i18n (>= 0.7, < 2)
      minitest (~> 5.1)
      tzinfo (~> 1.1)
      zeitwerk (~> 2.2, >= 2.2.2)
    concurrent-ruby (1.1.7)
    diff-lcs (1.4.4)
    ffi (1.13.1)
    i18n (1.8.5)
      concurrent-ruby (~> 1.0)
    minitest (5.14.1)
    neo4j-ruby-driver (1.7.0)
      activesupport
      ffi
      recursive-open-struct
      zeitwerk (>= 2.1.10)
    orm_adapter (0.5.0)
    rack (2.2.3)
    rake (13.0.1)
    recursive-open-struct (1.1.2)
    request_store (1.5.0)
      rack (>= 1.4)
    rspec (3.9.0)
      rspec-core (~> 3.9.0)
      rspec-expectations (~> 3.9.0)
      rspec-mocks (~> 3.9.0)
    rspec-core (3.9.2)
      rspec-support (~> 3.9.3)
    rspec-expectations (3.9.2)
      diff-lcs (>= 1.2.0, < 2.0)
      rspec-support (~> 3.9.0)
    rspec-its (1.3.0)
      rspec-core (>= 3.0.0)
      rspec-expectations (>= 3.0.0)
    rspec-mocks (3.9.1)
      diff-lcs (>= 1.2.0, < 2.0)
      rspec-support (~> 3.9.0)
    rspec-support (3.9.3)
    thread_safe (0.3.6)
    tzinfo (1.2.7)
      thread_safe (~> 0.1)
    zeitwerk (2.4.0)

PLATFORMS
  ruby

DEPENDENCIES
  neo4j-ruby-driver (~> 1.7)
  paper-trail-neo4j!
  rspec (~> 3.9)
  rspec-its (~> 1.3)

BUNDLED WITH
   2.1.4
